GEM
  remote: http://ruby.taobao.org/
  specs:
    rake (0.9.2.2)
    test-unit (2.4.8)

PLATFORMS
  ruby

DEPENDENCIES
  rake
  test-unit
