GEM
  remote: https://rubygems.org/
  specs:
    gem-this (0.3.7)
    rake (0.9.2.2)
    test-unit (2.4.8)

PLATFORMS
  ruby

DEPENDENCIES
  gem-this
  rake
  test-unit
  win32console
